GEM
  remote: http://rubygems.org/
  specs:
    addressable (2.3.2)
    backports (2.6.4)
    capybara (1.1.2)
      mime-types (>= 1.16)
      nokogiri (>= 1.3.3)
      rack (>= 1.0.0)
      rack-test (>= 0.5.4)
      selenium-webdriver (~> 2.0)
      xpath (~> 0.1.4)
    childprocess (0.3.5)
      ffi (~> 1.0, >= 1.0.6)
    cosm-rb (0.2.00)
      fastercsv (>= 1.5.x)
      httparty (>= 0.8.3)
      multi_json (>= 1.3.6)
      multi_xml (>= 0.5.1)
      nokogiri (>= 1.4.4)
      ox (>= 1.5.9)
      yajl-ruby (>= 1.1.0)
    crack (0.3.1)
    diff-lcs (1.1.3)
    eventmachine (1.0.0)
    fastercsv (1.5.5)
    ffi (1.1.5)
    httparty (0.9.0)
      multi_json (~> 1.0)
      multi_xml
    libwebsocket (0.1.5)
      addressable
    mime-types (1.19)
    multi_json (1.3.6)
    multi_xml (0.5.1)
    newrelic_rpm (3.4.2)
    nokogiri (1.5.5)
    ox (1.5.9)
    rack (1.4.1)
    rack-protection (1.2.0)
      rack
    rack-test (0.6.1)
      rack (>= 1.0)
    rake (0.9.2.2)
    rspec (2.11.0)
      rspec-core (~> 2.11.0)
      rspec-expectations (~> 2.11.0)
      rspec-mocks (~> 2.11.0)
    rspec-core (2.11.1)
    rspec-expectations (2.11.3)
      diff-lcs (~> 1.1.3)
    rspec-mocks (2.11.2)
    rubyzip (0.9.9)
    sass (3.2.1)
    selenium-webdriver (2.25.0)
      childprocess (>= 0.2.5)
      libwebsocket (~> 0.1.3)
      multi_json (~> 1.0)
      rubyzip
    sinatra (1.3.3)
      rack (~> 1.3, >= 1.3.6)
      rack-protection (~> 1.2)
      tilt (~> 1.3, >= 1.3.3)
    sinatra-contrib (1.3.1)
      backports (>= 2.0)
      eventmachine
      rack-protection
      rack-test
      sinatra (~> 1.3.0)
      tilt (~> 1.3)
    tilt (1.3.3)
    webmock (1.8.10)
      addressable (>= 2.2.7)
      crack (>= 0.1.7)
    xpath (0.1.4)
      nokogiri (~> 1.3)
    yajl-ruby (1.1.0)

PLATFORMS
  ruby

DEPENDENCIES
  capybara
  cosm-rb
  newrelic_rpm
  rack-test
  rake
  rspec
  sass
  sinatra
  sinatra-contrib
  webmock
